GIT
  remote: https://github.com/dependabot/dependabot-core
  revision: 3c3aca7a81f162d3c95087b067e35f078f6ba15b
  tag: v0.76.1
  specs:
    dependabot-core (0.76.1)
      aws-sdk-ecr (~> 1.5)
      bundler (>= 1.16, < 3.0.0)
      docker_registry2 (~> 1.4.1)
      excon (~> 0.55)
      gitlab (~> 4.1)
      gpgme (~> 2.0)
      nokogiri (~> 1.8)
      octokit (~> 4.6)
      parseconfig (~> 1.0)
      parser (~> 2.5)
      toml-rb (~> 1.1, >= 1.1.2)

GEM
  remote: https://rubygems.org/
  specs:
    addressable (2.5.2)
      public_suffix (>= 2.0.2, < 4.0)
    ast (2.4.0)
    aws-eventstream (1.0.1)
    aws-partitions (1.122.0)
    aws-sdk-core (3.43.0)
      aws-eventstream (~> 1.0)
      aws-partitions (~> 1.0)
      aws-sigv4 (~> 1.0)
      jmespath (~> 1.0)
    aws-sdk-ecr (1.9.0)
      aws-sdk-core (~> 3, >= 3.39.0)
      aws-sigv4 (~> 1.0)
    aws-sigv4 (1.0.3)
    citrus (3.0.2)
    docker_registry2 (1.4.1)
      rest-client (>= 1.8.0)
    domain_name (0.5.20180417)
      unf (>= 0.0.5, < 1.0.0)
    excon (0.62.0)
    faraday (0.15.4)
      multipart-post (>= 1.2, < 3)
    gitlab (4.7.0)
      httparty (>= 0.14.0)
      terminal-table (>= 1.5.1)
    gpgme (2.0.18)
      mini_portile2 (~> 2.3)
    http-cookie (1.0.3)
      domain_name (~> 0.5)
    httparty (0.16.3)
      mime-types (~> 3.0)
      multi_xml (>= 0.5.2)
    jmespath (1.4.0)
    mime-types (3.2.2)
      mime-types-data (~> 3.2015)
    mime-types-data (3.2018.0812)
    mini_portile2 (2.3.0)
    multi_xml (0.6.0)
    multipart-post (2.0.0)
    netrc (0.11.0)
    nokogiri (1.8.5)
      mini_portile2 (~> 2.3.0)
    octokit (4.13.0)
      sawyer (~> 0.8.0, >= 0.5.3)
    parseconfig (1.0.8)
    parser (2.5.3.0)
      ast (~> 2.4.0)
    public_suffix (3.0.3)
    rest-client (2.0.2)
      http-cookie (>= 1.0.2, < 2.0)
      mime-types (>= 1.16, < 4.0)
      netrc (~> 0.8)
    sawyer (0.8.1)
      addressable (>= 2.3.5, < 2.6)
      faraday (~> 0.8, < 1.0)
    terminal-table (1.8.0)
      unicode-display_width (~> 1.1, >= 1.1.1)
    toml-rb (1.1.2)
      citrus (~> 3.0, > 3.0)
    unf (0.1.4)
      unf_ext
    unf_ext (0.0.7.5)
    unicode-display_width (1.4.0)

PLATFORMS
  ruby

DEPENDENCIES
  dependabot-core!

RUBY VERSION
   ruby 2.5.3p105

BUNDLED WITH
   1.17.1
